GEM
  remote: http://rubygems.org/
  specs:
    rack (1.4.0)
    rack-protection (1.2.0)
      rack
    sinatra (1.3.2)
      rack (~> 1.3, >= 1.3.6)
      rack-protection (~> 1.2)
      tilt (~> 1.3, >= 1.3.3)
    tilt (1.3.3)
    trollop (1.16.2)
    vlcrc (0.1.15)
      trollop (~> 1.16.2)

PLATFORMS
  x86-mingw32

DEPENDENCIES
  sinatra
  vlcrc
